GEM
  remote: http://rubygems.org/
  specs:
    childprocess (0.2.1)
      ffi (~> 1.0.6)
    coffee-script (2.2.0)
      coffee-script-source
      execjs
    coffee-script-source (1.1.2)
    crack (0.1.8)
    diff-lcs (1.1.2)
    execjs (1.2.4)
      multi_json (~> 1.0)
    ffi (1.0.9)
    guard (0.6.2)
      thor (~> 0.14.6)
    guard-jasmine-headless-webkit (0.2.0)
      guard (>= 0.4.0)
      jasmine-headless-webkit (>= 0.3.0)
    guard-rails-assets (0.0.6)
      guard
      rake
    httparty (0.7.8)
      crack (= 0.1.8)
    jasmine (1.0.2.1)
      json_pure (>= 1.4.3)
      rack (>= 1.1)
      rspec (>= 1.3.1)
      selenium-webdriver (>= 0.1.3)
    jasmine-core (1.1.0.rc3)
    jasmine-headless-webkit (0.6.3)
      coffee-script (>= 2.2)
      jasmine-core (~> 1.1.beta)
      multi_json
      rainbow
    json_pure (1.5.3)
    multi_json (1.0.3)
    nokogiri (1.5.0)
    rack (1.3.2)
    rainbow (1.1.1)
    rake (0.9.2)
    rb-fsevent (0.4.3.1)
    rspec (2.6.0)
      rspec-core (~> 2.6.0)
      rspec-expectations (~> 2.6.0)
      rspec-mocks (~> 2.6.0)
    rspec-core (2.6.4)
    rspec-expectations (2.6.0)
      diff-lcs (~> 1.1.2)
    rspec-mocks (2.6.0)
    rubyzip (0.9.4)
    selenium-webdriver (2.5.0)
      childprocess (>= 0.2.1)
      ffi (>= 1.0.7)
      json_pure
      rubyzip
    sinatra (1.2.6)
      rack (~> 1.1)
      tilt (>= 1.2.2, < 2.0)
    thor (0.14.6)
    tilt (1.3.2)

PLATFORMS
  ruby

DEPENDENCIES
  guard-jasmine-headless-webkit
  guard-rails-assets
  httparty
  jasmine
  jasmine-headless-webkit
  nokogiri
  rb-fsevent
  sinatra
